Brain Vision Data Exchange Header File Version 1.0
[Common Infos]
DataFile=beth_motor_imagery_2009-03-09.eeg
MarkerFile=beth_motor_imagery_2009-03-09.vmrk
DataFormat=BINARY
DataOrientation=MULTIPLEXED
NumberOfChannels=16
SamplingInterval=1953
[Binary Infos]
BinaryFormat=IEEE_FLOAT_32
[Channel Infos]
Ch1=Fp1,,1
Ch2=FC3,,1
Ch3=C5,,1
Ch4=C3,,1
Ch5=C1,,1
Ch6=CP3,,1
Ch7=Cz,,1
Ch8=CPz,,1
Ch9=Fp2,,1
Ch10=FC4,,1
Ch11=C2,,1
Ch12=C4,,1
Ch13=C6,,1
Ch14=CP4,,1
Ch15=Pz,,1
Ch16=POz,,1
